GEM
  remote: http://rubygems.org/
  specs:
    os (0.9.6)

PLATFORMS
  java
  ruby

DEPENDENCIES
  os
