GEM
  remote: http://rubygems.org/
  specs:
    binding_of_caller (0.6.8)
    coderay (1.0.7)
    method_source (0.8)
    pry (0.9.10)
      coderay (~> 1.0.5)
      method_source (~> 0.8)
      slop (~> 3.3.1)
    pry-stack_explorer (0.4.6)
      binding_of_caller (~> 0.6.2)
    slop (3.3.3)

PLATFORMS
  ruby

DEPENDENCIES
  pry
  pry-stack_explorer
  slop
